GEM
  remote: https://rubygems.org/
  specs:
    daemons (1.3.1)
    eventmachine (1.2.7)
    mini_portile2 (2.2.0)
    mustermann (1.0.3)
    nokogiri (1.8.0)
      mini_portile2 (~> 2.2.0)
    rack (2.0.7)
    rack-protection (2.0.7)
      rack
    rake (12.0.0)
    sinatra (2.0.7)
      mustermann (~> 1.0)
      rack (~> 2.0)
      rack-protection (= 2.0.7)
      tilt (~> 2.0)
    thin (1.7.2)
      daemons (~> 1.0, >= 1.0.9)
      eventmachine (~> 1.0, >= 1.0.4)
      rack (>= 1, < 3)
    tilt (2.0.9)

PLATFORMS
  ruby

DEPENDENCIES
  nokogiri
  rake
  sinatra
  thin

BUNDLED WITH
   1.15.2
