GEM
  remote: https://rubygems.org/
  specs:
    backports (3.15.0)
    daemons (1.3.1)
    eventmachine (1.2.7)
    mini_portile2 (2.8.0)
    multi_json (1.13.1)
    mustermann (1.0.3)
    nokogiri (1.13.6)
      mini_portile2 (~> 2.8.0)
      racc (~> 1.4)
    racc (1.6.0)
    rack (2.0.7)
    rack-protection (2.0.7)
      rack
    rake (12.0.0)
    sinatra (2.0.7)
      mustermann (~> 1.0)
      rack (~> 2.0)
      rack-protection (= 2.0.7)
      tilt (~> 2.0)
    sinatra-contrib (2.0.7)
      backports (>= 2.8.2)
      multi_json
      mustermann (~> 1.0)
      rack-protection (= 2.0.7)
      sinatra (= 2.0.7)
      tilt (~> 2.0)
    thin (1.7.2)
      daemons (~> 1.0, >= 1.0.9)
      eventmachine (~> 1.0, >= 1.0.4)
      rack (>= 1, < 3)
    tilt (2.0.9)

PLATFORMS
  ruby

DEPENDENCIES
  nokogiri
  rake
  sinatra
  sinatra-contrib
  thin

BUNDLED WITH
   1.15.2
